GIT
  remote: git://github.com/jwnx/json.git
  revision: 99240b08be9a0f6ea967bf554a24f537955f02f1
  branch: v1.8.0
  specs:
    json (1.8.0)

GEM
  remote: http://rubygems.org/
  specs:
    celluloid (0.14.1)
      timers (>= 1.0.0)
    connection_pool (1.1.0)
    daemons (1.1.9)
    faraday (0.8.7)
      multipart-post (~> 1.1)
    multipart-post (1.2.0)
    newrelic_plugin (1.0.2)
      faraday (>= 0.8.1)
      json
    redis (3.0.4)
    redis-namespace (1.3.0)
      redis (~> 3.0.0)
    sidekiq (2.12.4)
      celluloid (>= 0.14.1)
      connection_pool (>= 1.0.0)
      json
      redis (>= 3.0)
      redis-namespace
    timers (1.1.0)

PLATFORMS
  ruby

DEPENDENCIES
  daemons
  json!
  newrelic_plugin
  sidekiq

BUNDLED WITH
   1.15.1
